GIT
  remote: git://github.com/MarkDBlackwell/shotgun.git
  revision: d7c7db6aa323a5fd82aa0fcd814d7ec5c2ae1aad
  branch: fix-for-windows
  specs:
    shotgun (0.9)
      rack (>= 1.0)

GEM
  remote: http://rubygems.org/
  specs:
    daemons (1.1.8)
    eventmachine (1.0.0.rc.4-x86-mingw32)
    rack (1.4.1)
    rack-protection (1.2.0)
      rack
    sinatra (1.3.2)
      rack (~> 1.3, >= 1.3.6)
      rack-protection (~> 1.2)
      tilt (~> 1.3, >= 1.3.3)
    thin (1.4.1)
      daemons (>= 1.0.9)
      eventmachine (>= 0.12.6)
      rack (>= 1.0.0)
    tilt (1.3.3)

PLATFORMS
  x86-mingw32

DEPENDENCIES
  bundler (= 1.2.0.pre)
  thin
